GEM
  remote: https://rubygems.org/
  specs:
    em-websocket (0.5.1)
      eventmachine (>= 0.12.9)
      http_parser.rb (~> 0.6.0)
    eventmachine (1.0.7)
    http_parser.rb (0.6.0)
    i18n (0.8.0)
    i2c (0.4.0)
    ruby-mpd (0.3.1)
    serialport (1.3.1)

PLATFORMS
  arm-linux
  ruby

DEPENDENCIES
  em-websocket
  eventmachine
  i18n
  i2c
  ruby-mpd
  serialport

BUNDLED WITH
   2.2.0
