GEM
  remote: https://rubygems.org/
  specs:
    em-websocket (0.5.1)
      eventmachine (>= 0.12.9)
      http_parser.rb (~> 0.6.0)
    eventmachine (1.0.3)
    http_parser.rb (0.6.0)
    i18n (0.6.9)
    i2c (0.4.0)
    json (1.8.2)
    m9t (0.3.4)
      i18n (>= 0.3.5)
      rake
    metar-parser (1.1.8)
      i18n (>= 0.3.5, < 0.7.0)
      m9t (~> 0.3.1)
      rake
      rdoc
    rake (13.0.1)
    rdoc (4.2.0)
      json (~> 1.4)
    ruby-mpd (0.3.1)
    serialport (1.3.0)

PLATFORMS
  ruby

DEPENDENCIES
  em-websocket
  eventmachine
  i18n
  i2c
  metar-parser
  ruby-mpd
  serialport
