GEM
  remote: https://rubygems.org/
  specs:
    em-serialport (0.0.3)
      eventmachine
      serialport
    eventmachine (1.0.3)
    i18n (0.6.9)
    ruby-mpd (0.3.1)
    serialport (1.3.0)

PLATFORMS
  ruby

DEPENDENCIES
  em-serialport
  eventmachine
  i18n
  ruby-mpd
